GEM
  remote: https://rubygems.org/
  specs:
    activesupport (5.1.0)
      concurrent-ruby (~> 1.0, >= 1.0.2)
      i18n (~> 0.7)
      minitest (~> 5.1)
      tzinfo (~> 1.1)
    bcrypt (3.1.11)
    colorize (0.8.1)
    concurrent-ruby (1.0.5)
    gazebo (0.1.5)
      activesupport (~> 5.0)
      colorize (~> 0.8.1)
      pg (~> 0.20.0)
      rack (~> 2.0, >= 2.0.1)
      thor (~> 0.19, >= 0.19.1)
    i18n (0.8.1)
    minitest (5.10.2)
    pg (0.20.0)
    rack (2.0.2)
    thor (0.19.4)
    thread_safe (0.3.6)
    tzinfo (1.2.3)
      thread_safe (~> 0.1)

PLATFORMS
  ruby

DEPENDENCIES
  bcrypt
  gazebo

BUNDLED WITH
   1.14.6
